GEM
  remote: https://rubygems.org/
  specs:
    rake (12.0.0)

PLATFORMS
  java
  ruby

DEPENDENCIES
  rake

RUBY VERSION
   ruby 1.9.3p551 (jruby 1.7.26)

BUNDLED WITH
   1.14.6
